GEM
  remote: http://rubygems.org/
  specs:
    ffi (1.9.5)
    json (1.8.0)
    mime-types (1.25)
    multi_json (1.11.1)
    netrc (0.7.9)
    rest-client (1.7.2-x86-mswin32)
      ffi (~> 1.9)
      mime-types (>= 1.16, < 3.0)
      netrc (~> 0.7)
    rest_client (1.8.3)
      netrc (~> 0.7.7)

PLATFORMS
  x86-mingw32
  x86-mswin32

DEPENDENCIES
  json
  multi_json
  rest-client
  rest_client
